PATH
  remote: .
  specs:
    sql_tracer (0.1.0)

GEM
  remote: https://rubygems.org/
  specs:

PLATFORMS
  ruby

DEPENDENCIES
  sql_tracer!

BUNDLED WITH
   1.15.1
